{"Modality":"MR","MagneticFieldStrength":3,"ImagingFrequency":127.764,"Manufacturer":"GE","ManufacturersModelName":"DISCOVERY MR750w","InstitutionName":"OU Cancer Center","DeviceSerialNumber":"00000405271OUCMR","StationName":"OUMCMRCC","SeriesInstanceUID":"1.2.840.113619.2.410.2807.1587400.17706.1490799132.483","StudyInstanceUID":"1.2.840.113619.6.410.291173277113560327575883577621907190170","StudyID":"11356","PatientID":"111","BodyPartExamined":"HEAD","PatientPosition":"HFS","SoftwareVersions":"27\\LX\\MR Software release:DV25.1_R02_1649.a","MRAcquisitionType":"3D","SeriesDescription":"SAG FSPGR BRAVO","ProtocolName":"FUNCTIONAL RESEARCH 2","ScanningSequence":"GR","SequenceVariant":"SS\\SK","ScanOptions":"FAST_GEMS\\EDR_GEMS\\FILTERED_GEMS","PulseSequenceName":"BRAVO","ImageType":["ORIGINAL","PRIMARY","OTHER"],"SeriesNumber":3,"AcquisitionTime":"15:07:31.000000","AcquisitionDateTime":"2017-04-12T15:07:31.000000","AcquisitionNumber":1,"SliceThickness":1,"SpacingBetweenSlices":1,"SAR":0.145865,"EchoTime":0.003248,"RepetitionTime":0.008464,"InversionTime":0.45,"FlipAngle":12,"ShimSetting":[9,-4,-43],"CoilString":"Head 24","PercentPhaseFOV":100,"PercentSampling":100,"AcquisitionMatrixPE":256,"ReconMatrixPE":256,"PixelBandwidth":244.141,"ImageOrientationPatientDICOM":[-0,1,0,-0,-0,-1],"InPlanePhaseEncodingDirectionDICOM":"ROW","ConversionSoftware":"dcm2niix","ConversionSoftwareVersion":"v1.0.20220720","TaskName":"rest"}