{"Modality":"MR","MagneticFieldStrength":3,"ImagingFrequency":127.764,"Manufacturer":"GE","ManufacturersModelName":"DISCOVERY MR750w","InstitutionName":"OU Cancer Center","DeviceSerialNumber":"00000405271OUCMR","StationName":"OUMCMRCC","SeriesInstanceUID":"1.2.840.113619.2.374.2807.1587400.16343.1472860900.611","StudyInstanceUID":"1.2.840.113619.6.374.77361407973254402684265356857598239483","StudyID":"9826","PatientID":"047","PatientPosition":"HFS","SoftwareVersions":"25\\LX\\MR Software release:DV25.0_R02_1549.b","MRAcquisitionType":"3D","SeriesDescription":"SAG FSPGR BRAVO","ProtocolName":"FUNCTIONAL RESEARCH 2","ScanningSequence":"GR","SequenceVariant":"SS\\SK","ScanOptions":"FAST_GEMS\\EDR_GEMS\\FILTERED_GEMS","PulseSequenceName":"BRAVO","ImageType":["ORIGINAL","PRIMARY","OTHER"],"SeriesNumber":3,"AcquisitionTime":"14:09:58.000000","AcquisitionDateTime":"2016-09-14T14:09:58.000000","AcquisitionNumber":1,"SliceThickness":1,"SpacingBetweenSlices":1,"SAR":0.100343,"EchoTime":0.003248,"RepetitionTime":0.008464,"InversionTime":0.45,"FlipAngle":12,"ShimSetting":[10,-3,-46],"CoilString":"Head 24","PercentPhaseFOV":100,"PercentSampling":100,"AcquisitionMatrixPE":256,"ReconMatrixPE":256,"PixelBandwidth":244.141,"ImageOrientationPatientDICOM":[-0,1,0,-0,-0,-1],"InPlanePhaseEncodingDirectionDICOM":"ROW","ConversionSoftware":"dcm2niix","ConversionSoftwareVersion":"v1.0.20220720","TaskName":"rest"}